GEM
  remote: https://rubygems.org/
  specs:
    actionmailer (4.1.9)
      actionpack (= 4.1.9)
      actionview (= 4.1.9)
      mail (~> 2.5, >= 2.5.4)
    actionpack (4.1.9)
      actionview (= 4.1.9)
      activesupport (= 4.1.9)
      rack (~> 1.5.2)
      rack-test (~> 0.6.2)
    actionview (4.1.9)
      activesupport (= 4.1.9)
      builder (~> 3.1)
      erubis (~> 2.7.0)
    active_model_serializers (0.9.3)
      activemodel (>= 3.2)
    activemodel (4.1.9)
      activesupport (= 4.1.9)
      builder (~> 3.1)
    activerecord (4.1.9)
      activemodel (= 4.1.9)
      activesupport (= 4.1.9)
      arel (~> 5.0.0)
    activesupport (4.1.9)
      i18n (~> 0.6, >= 0.6.9)
      json (~> 1.7, >= 1.7.7)
      minitest (~> 5.1)
      thread_safe (~> 0.1)
      tzinfo (~> 1.1)
    addressable (2.3.7)
    arel (5.0.1.20140414130214)
    autoprefixer-rails (5.1.7)
      execjs
      json
    awesome_print (1.6.1)
    better_errors (2.1.1)
      coderay (>= 1.0.0)
      erubis (>= 2.6.6)
      rack (>= 0.9.0)
    binding_of_caller (0.7.2)
      debug_inspector (>= 0.0.1)
    bootstrap-sass (3.3.3)
      autoprefixer-rails (>= 5.0.0.1)
      sass (>= 3.2.19)
    builder (3.2.2)
    byebug (3.5.1)
      columnize (~> 0.8)
      debugger-linecache (~> 1.2)
      slop (~> 3.6)
    capybara (2.4.4)
      mime-types (>= 1.16)
      nokogiri (>= 1.3.3)
      rack (>= 1.0.0)
      rack-test (>= 0.5.4)
      xpath (~> 2.0)
    celluloid (0.16.0)
      timers (~> 4.0.0)
    cliver (0.3.2)
    coderay (1.1.0)
    coffee-rails (4.1.0)
      coffee-script (>= 2.2.0)
      railties (>= 4.0.0, < 5.0)
    coffee-script (2.3.0)
      coffee-script-source
      execjs
    coffee-script-source (1.9.1)
    columnize (0.9.0)
    database_cleaner (1.4.1)
    debug_inspector (0.0.2)
    debugger-linecache (1.2.0)
    diff-lcs (1.2.5)
    docile (1.1.5)
    dotenv (1.0.2)
    em-websocket (0.5.1)
      eventmachine (>= 0.12.9)
      http_parser.rb (~> 0.6.0)
    erubis (2.7.0)
    eventmachine (1.0.7)
    execjs (2.4.0)
    factory_girl (4.5.0)
      activesupport (>= 3.0.0)
    factory_girl_rails (4.5.0)
      factory_girl (~> 4.5.0)
      railties (>= 3.0.0)
    faker (1.4.3)
      i18n (~> 0.5)
    ffi (1.9.6)
    foreman (0.77.0)
      dotenv (~> 1.0.2)
      thor (~> 0.19.1)
    formatador (0.2.5)
    fuubar (2.0.0)
      rspec (~> 3.0)
      ruby-progressbar (~> 1.4)
    growl (1.0.3)
    guard (2.12.4)
      formatador (>= 0.2.4)
      listen (~> 2.7)
      lumberjack (~> 1.0)
      nenv (~> 0.1)
      notiffany (~> 0.0)
      pry (>= 0.9.12)
      shellany (~> 0.0)
      thor (>= 0.18.1)
    guard-compat (1.2.1)
    guard-livereload (2.4.0)
      em-websocket (~> 0.5)
      guard (~> 2.8)
      multi_json (~> 1.8)
    guard-rspec (4.5.0)
      guard (~> 2.1)
      guard-compat (~> 1.1)
      rspec (>= 2.99.0, < 4.0)
    heroku_rails_deflate (1.0.3)
      actionpack (>= 3.2.13)
      activesupport (>= 3.2.13)
      rack (>= 1.4.5)
    hike (1.2.3)
    hitimes (1.2.2)
    http_parser.rb (0.6.0)
    i18n (0.7.0)
    jasmine-core (2.2.0)
    jasmine-rails (0.10.7)
      jasmine-core (>= 1.3, < 3.0)
      phantomjs (< 2.0)
      railties (>= 3.1.0)
      sprockets-rails
    jquery-rails (3.1.2)
      railties (>= 3.0, < 5.0)
      thor (>= 0.14, < 2.0)
    json (1.8.2)
    launchy (2.4.3)
      addressable (~> 2.3)
    listen (2.9.0)
      celluloid (>= 0.15.2)
      rb-fsevent (>= 0.9.3)
      rb-inotify (>= 0.9)
    lumberjack (1.0.9)
    mail (2.6.3)
      mime-types (>= 1.16, < 3)
    method_source (0.8.2)
    mime-types (2.4.3)
    mini_portile (0.6.2)
    minitest (5.5.1)
    multi_json (1.11.0)
    nenv (0.2.0)
    nokogiri (1.6.6.2)
      mini_portile (~> 0.6.0)
    notiffany (0.0.6)
      nenv (~> 0.1)
      shellany (~> 0.0)
    pg (0.18.1)
    phantomjs (1.9.8.0)
    poltergeist (1.6.0)
      capybara (~> 2.1)
      cliver (~> 0.3.1)
      multi_json (~> 1.0)
      websocket-driver (>= 0.2.0)
    pry (0.10.1)
      coderay (~> 1.1.0)
      method_source (~> 0.8.1)
      slop (~> 3.4)
    pry-byebug (3.0.1)
      byebug (~> 3.4)
      pry (~> 0.10)
    puma (2.11.1)
      rack (>= 1.1, < 2.0)
    quiet_assets (1.1.0)
      railties (>= 3.1, < 5.0)
    rack (1.5.2)
    rack-canonical-host (0.1.0)
      addressable
      rack (~> 1.0)
    rack-test (0.6.3)
      rack (>= 1.0)
    rack-timeout (0.2.0)
    rails (4.1.9)
      actionmailer (= 4.1.9)
      actionpack (= 4.1.9)
      actionview (= 4.1.9)
      activemodel (= 4.1.9)
      activerecord (= 4.1.9)
      activesupport (= 4.1.9)
      bundler (>= 1.3.0, < 2.0)
      railties (= 4.1.9)
      sprockets-rails (~> 2.0)
    rails_stdout_logging (0.0.3)
    railties (4.1.9)
      actionpack (= 4.1.9)
      activesupport (= 4.1.9)
      rake (>= 0.8.7)
      thor (>= 0.18.1, < 2.0)
    rake (10.4.2)
    rb-fsevent (0.9.4)
    rb-inotify (0.9.5)
      ffi (>= 0.5.0)
    rspec (3.2.0)
      rspec-core (~> 3.2.0)
      rspec-expectations (~> 3.2.0)
      rspec-mocks (~> 3.2.0)
    rspec-core (3.2.1)
      rspec-support (~> 3.2.0)
    rspec-expectations (3.2.0)
      diff-lcs (>= 1.2.0, < 2.0)
      rspec-support (~> 3.2.0)
    rspec-mocks (3.2.1)
      diff-lcs (>= 1.2.0, < 2.0)
      rspec-support (~> 3.2.0)
    rspec-rails (3.2.1)
      actionpack (>= 3.0, < 4.3)
      activesupport (>= 3.0, < 4.3)
      railties (>= 3.0, < 4.3)
      rspec-core (~> 3.2.0)
      rspec-expectations (~> 3.2.0)
      rspec-mocks (~> 3.2.0)
      rspec-support (~> 3.2.0)
    rspec-support (3.2.2)
    ruby-progressbar (1.7.1)
    sass (3.4.13)
    sass-rails (5.0.1)
      railties (>= 4.0.0, < 5.0)
      sass (~> 3.1)
      sprockets (>= 2.8, < 4.0)
      sprockets-rails (>= 2.0, < 4.0)
      tilt (~> 1.1)
    shellany (0.0.1)
    simple_form (3.1.0)
      actionpack (~> 4.0)
      activemodel (~> 4.0)
    simplecov (0.9.2)
      docile (~> 1.1.0)
      multi_json (~> 1.0)
      simplecov-html (~> 0.9.0)
    simplecov-html (0.9.0)
    slim (3.0.3)
      temple (~> 0.7.3)
      tilt (>= 1.3.3, < 2.1)
    slim-rails (3.0.1)
      actionmailer (>= 3.1, < 5.0)
      actionpack (>= 3.1, < 5.0)
      activesupport (>= 3.1, < 5.0)
      railties (>= 3.1, < 5.0)
      slim (~> 3.0)
    slop (3.6.0)
    sprockets (2.12.3)
      hike (~> 1.2)
      multi_json (~> 1.0)
      rack (~> 1.0)
      tilt (~> 1.1, != 1.3.0)
    sprockets-rails (2.2.4)
      actionpack (>= 3.0)
      activesupport (>= 3.0)
      sprockets (>= 2.8, < 4.0)
    temple (0.7.5)
    thor (0.19.1)
    thread_safe (0.3.5)
    tilt (1.4.1)
    timers (4.0.1)
      hitimes
    tzinfo (1.2.2)
      thread_safe (~> 0.1)
    uglifier (2.7.1)
      execjs (>= 0.3.0)
      json (>= 1.8.0)
    websocket-driver (0.5.3)
      websocket-extensions (>= 0.1.0)
    websocket-extensions (0.1.2)
    xpath (2.0.0)
      nokogiri (~> 1.3)

PLATFORMS
  ruby

DEPENDENCIES
  active_model_serializers (~> 0.9)
  awesome_print
  better_errors
  binding_of_caller
  bootstrap-sass
  capybara
  coffee-rails
  database_cleaner
  factory_girl_rails
  faker
  foreman
  fuubar
  growl
  guard (~> 2)
  guard-livereload
  guard-rspec
  heroku_rails_deflate
  jasmine-rails
  jquery-rails
  launchy
  pg
  poltergeist
  pry-byebug
  puma
  quiet_assets
  rack-canonical-host
  rack-timeout
  rails (~> 4.1.9)
  rails_stdout_logging
  rb-fsevent
  rspec-rails
  sass-rails
  simple_form
  simplecov
  slim-rails
  uglifier
